GEM
  remote: http://rubygems.org/
  specs:
    aws-sdk-core (2.2.9)
      jmespath (~> 1.0)
    jmespath (1.1.3)
    oj (2.14.3)
    trollop (2.1.2)

PLATFORMS
  ruby

DEPENDENCIES
  aws-sdk-core
  oj
  trollop

BUNDLED WITH
   1.10.6
